PATH
  remote: .
  specs:
    waterpig (0.9.0)
      capybara (~> 2.2)
      database_cleaner (~> 1.3.0)
      rspec-steps (> 0)
      text-table (~> 1.2.3)

GEM
  remote: https://rubygems.org/
  specs:
    cadre (1.0.1)
      thor (>= 0.14, < 1.0)
      tilt (> 1.0)
      valise (~> 1.1.2)
    capybara (2.4.4)
      mime-types (>= 1.16)
      nokogiri (>= 1.3.3)
      rack (>= 1.0.0)
      rack-test (>= 0.5.4)
      xpath (~> 2.0)
    chunky_png (1.3.1)
    compass (0.12.6)
      chunky_png (~> 1.2)
      fssm (>= 0.2.7)
      sass (~> 3.2.19)
    corundum (0.3.6)
      bundler
      compass (>= 0.12.1)
      mailfactory (~> 1.4.0)
      mattock (~> 0.7.1)
      nokogiri
      paint (~> 0.8.7)
      rdoc
      rspec (>= 2.0)
      simplecov (>= 0.5.4)
      yard
    database_cleaner (1.3.0)
    diff-lcs (1.2.5)
    docile (1.1.3)
    fssm (0.2.10)
    json (1.8.1)
    mailfactory (1.4.0)
      mime-types (>= 1.13.1)
    mattock (0.7.1)
      rake (~> 10.0)
      tilt (> 0)
      valise (~> 1.1.1)
    mime-types (2.3)
    mini_portile (0.6.0)
    multi_json (1.10.1)
    nokogiri (1.6.2.1)
      mini_portile (= 0.6.0)
    paint (0.8.7)
    rack (1.6.4)
    rack-test (0.6.3)
      rack (>= 1.0)
    rake (10.3.2)
    rdoc (4.1.1)
      json (~> 1.4)
    rspec (3.1.0)
      rspec-core (~> 3.1.0)
      rspec-expectations (~> 3.1.0)
      rspec-mocks (~> 3.1.0)
    rspec-core (3.1.7)
      rspec-support (~> 3.1.0)
    rspec-expectations (3.1.2)
      diff-lcs (>= 1.2.0, < 2.0)
      rspec-support (~> 3.1.0)
    rspec-mocks (3.1.3)
      rspec-support (~> 3.1.0)
    rspec-steps (1.0.7)
      rspec (>= 3.0, < 3.99)
    rspec-support (3.1.2)
    sass (3.2.19)
    sequel (4.12.0)
    simplecov (0.8.2)
      docile (~> 1.1.0)
      multi_json
      simplecov-html (~> 0.8.0)
    simplecov-html (0.8.0)
    sqlite3 (1.3.9)
    text-table (1.2.3)
    thor (0.19.1)
    tilt (2.0.1)
    valise (1.1.2)
    xpath (2.0.0)
      nokogiri (~> 1.3)
    yard (0.8.7.4)

PLATFORMS
  ruby

DEPENDENCIES
  cadre
  corundum
  rspec
  sequel
  sqlite3
  text-table
  waterpig!
